GEM
  remote: https://rubygems.org/
  specs:
    diff-lcs (1.2.5)
    hoe (3.22.2)
      rake (>= 0.8, < 15.0)
    rake (13.0.1)
    rspec (2.99.0)
      rspec-core (~> 2.99.0)
      rspec-expectations (~> 2.99.0)
      rspec-mocks (~> 2.99.0)
    rspec-core (2.99.0)
    rspec-expectations (2.99.2)
      diff-lcs (>= 1.1.3, < 2.0)
    rspec-mocks (2.99.4)
    selenium-client (1.2.18)
    test-unit (1.2.3)
      hoe (>= 1.5.1)

PLATFORMS
  ruby

DEPENDENCIES
  bundler (~> 1.13)
  rspec (= 2.99.0)
  rspec-core (= 2.99.0)
  rspec-expectations (= 2.99.2)
  rspec-mocks (= 2.99.4)
  selenium-client (= 1.2.18)
  test-unit (= 1.2.3)

RUBY VERSION
   ruby 2.3.1p112

BUNDLED WITH
   1.13.2
